{
	"Modality": "MR",
	"MagneticFieldStrength": 3,
	"ImagingFrequency": 123.233939,
	"Manufacturer": "Siemens",
	"ManufacturersModelName": "Prisma",
	"InstitutionName": "HIRF",
	"InstitutionalDepartmentName": "RBWH HIRF Imaging",
	"InstitutionAddress": "Herston Road 300,Brisbane,Queensland,AU,4006",
	"DeviceSerialNumber": "66023",
	"StationName": "AWP66023",
	"BodyPart": "BRAIN",
	"PatientPosition": "HFS",
	"ProcedureStepDescription": "PROTOCOL TESTING PRELIM^FORM_TYPICALITY",
	"SoftwareVersions": "syngo MR E11",
	"MRAcquisitionType": "2D",
	"StudyDescription": "PROTOCOL TESTING PRELIM^FORM_TYPICALITY",
	"SeriesDescription": "gre_field_mapping",
	"ProtocolName": "gre_field_mapping",
	"ScanningSequence": "GR",
	"SequenceVariant": "SP",
	"ScanOptions": "PFP",
	"SequenceName": "*fm2d2r",
	"ImageType": ["ORIGINAL", "PRIMARY", "P", "ND", "PHASE"],
	"NonlinearGradientCorrection": false,
	"SeriesNumber": 14,
	"AcquisitionTime": "11:19:19.337500",
	"AcquisitionNumber": 1,
	"SliceThickness": 2.6,
	"SpacingBetweenSlices": 2.6,
	"SAR": 0.126656,
	"TablePosition": [
		0,
		0,
		-0	],
	"EchoNumber": 2,
	"EchoTime": 0.00738,
	"RepetitionTime": 0.52,
	"FlipAngle": 60,
	"EchoTime1": 0.00492,
	"EchoTime2": 0.00738,
	"PartialFourier": 0.875,
	"BaseResolution": 72,
	"ShimSetting": [
		2563,
		-11326,
		-11254,
		402,
		-16,
		56,
		20,
		6	],
	"TxRefAmp": 240.091,
	"PhaseResolution": 1,
	"ReceiveCoilName": "HeadNeck_64",
	"ReceiveCoilActiveElements": "HC1-7",
	"PulseSequenceDetails": "%SiemensSeq%\\gre_field_mapping",
	"CoilCombinationMethod": "Sum of Squares",
	"ConsistencyInfo": "N4_VE11E_LATEST_20181129",
	"MatrixCoilMode": "SENSE",
	"PercentPhaseFOV": 100,
	"PercentSampling": 100,
	"PhaseEncodingSteps": 63,
	"AcquisitionMatrixPE": 72,
	"ReconMatrixPE": 72,
	"PixelBandwidth": 560,
	"DwellTime": 1.24e-05,
	"PhaseEncodingDirection": "i",
	"SliceTiming": [
		0.25781,
		0,
		0.27344,
		0.01562,
		0.28125,
		0.02344,
		0.28906,
		0.03125,
		0.30469,
		0.03906,
		0.3125,
		0.05469,
		0.32031,
		0.0625,
		0.33594,
		0.07812,
		0.34375,
		0.08594,
		0.35156,
		0.09375,
		0.36719,
		0.10156,
		0.375,
		0.11719,
		0.38281,
		0.125,
		0.39062,
		0.13281,
		0.40625,
		0.14844,
		0.41406,
		0.15625,
		0.42969,
		0.16406,
		0.4375,
		0.17969,
		0.44531,
		0.1875,
		0.45312,
		0.19531,
		0.46875,
		0.21094,
		0.47656,
		0.21875,
		0.49219,
		0.22656,
		0.5,
		0.24219,
		0.50781,
		0.25	],
	"ImageOrientationPatientDICOM": [
		0.99827,
		0.0513892,
		0.0285667,
		-0.0348604,
		0.908578,
		-0.416257	],
	"ImageOrientationText": "Tra>Cor(-24.5)>Sag(2.7)",
	"InPlanePhaseEncodingDirectionDICOM": "ROW",
	"BidsGuess": ["fmap","_acq-fm2_phasediff"],
	"ConversionSoftware": "dcm2niix",
	"ConversionSoftwareVersion": "v1.0.20250505"
}
