{
	"Modality": "MR",
	"MagneticFieldStrength": 3,
	"ImagingFrequency": 123.228597,
	"Manufacturer": "Siemens",
	"ManufacturersModelName": "Prisma",
	"InstitutionName": "Herston Imaging Research Facility",
	"InstitutionalDepartmentName": "RBWH HIRF Imaging",
	"InstitutionAddress": "Herston Road 300,Brisbane,Queensland,AU,4006",
	"DeviceSerialNumber": "66023",
	"StationName": "AWP66023",
	"BodyPart": "BRAIN",
	"PatientPosition": "HFS",
	"ProcedureStepDescription": "MR Brain",
	"SoftwareVersions": "syngo MR E11",
	"MRAcquisitionType": "2D",
	"StudyDescription": "Brain Research_Current^FORM_TYPICALITY",
	"SeriesDescription": "gre_field_mapping",
	"ProtocolName": "gre_field_mapping",
	"ScanningSequence": "GR",
	"SequenceVariant": "SP",
	"ScanOptions": "PFP",
	"SequenceName": "*fm2d2r",
	"ImageType": ["ORIGINAL", "PRIMARY", "P", "ND", "PHASE"],
	"NonlinearGradientCorrection": false,
	"SeriesNumber": 14,
	"AcquisitionTime": "10:45:43.697500",
	"AcquisitionNumber": 1,
	"SliceThickness": 2.6,
	"SpacingBetweenSlices": 2.6,
	"SAR": 0.112734,
	"TablePosition": [
		0,
		0,
		-0	],
	"EchoNumber": 2,
	"EchoTime": 0.00738,
	"RepetitionTime": 0.52,
	"FlipAngle": 60,
	"EchoTime1": 0.00492,
	"EchoTime2": 0.00738,
	"PartialFourier": 0.875,
	"BaseResolution": 72,
	"ShimSetting": [
		2576,
		-11401,
		-11224,
		689,
		2,
		-203,
		74,
		44	],
	"TxRefAmp": 214.371,
	"PhaseResolution": 1,
	"ReceiveCoilName": "HeadNeck_64",
	"ReceiveCoilActiveElements": "HC1-7",
	"PulseSequenceDetails": "%SiemensSeq%\\gre_field_mapping",
	"CoilCombinationMethod": "Sum of Squares",
	"ConsistencyInfo": "N4_VE11E_LATEST_20181129",
	"MatrixCoilMode": "SENSE",
	"PercentPhaseFOV": 100,
	"PercentSampling": 100,
	"PhaseEncodingSteps": 63,
	"AcquisitionMatrixPE": 72,
	"ReconMatrixPE": 72,
	"PixelBandwidth": 560,
	"DwellTime": 1.24e-05,
	"PhaseEncodingDirection": "i",
	"SliceTiming": [
		0.25781,
		0,
		0.27344,
		0.00781,
		0.28125,
		0.02344,
		0.28906,
		0.03125,
		0.29688,
		0.03906,
		0.3125,
		0.04688,
		0.32031,
		0.0625,
		0.33594,
		0.07031,
		0.34375,
		0.08594,
		0.35156,
		0.09375,
		0.35938,
		0.10156,
		0.375,
		0.10938,
		0.38281,
		0.125,
		0.39844,
		0.13281,
		0.40625,
		0.14844,
		0.41406,
		0.15625,
		0.42188,
		0.16406,
		0.4375,
		0.17188,
		0.44531,
		0.1875,
		0.46094,
		0.19531,
		0.46875,
		0.21094,
		0.47656,
		0.21875,
		0.48438,
		0.22656,
		0.5,
		0.23438,
		0.50781,
		0.25	],
	"ImageOrientationPatientDICOM": [
		0.998911,
		-0.0204588,
		-0.0419299,
		-7.77981e-10,
		0.898725,
		-0.438513	],
	"ImageOrientationText": "Tra>Cor(-26.0)>Sag(-2.7)",
	"InPlanePhaseEncodingDirectionDICOM": "ROW",
	"BidsGuess": ["fmap","_acq-fm2_phasediff"],
	"ConversionSoftware": "dcm2niix",
	"ConversionSoftwareVersion": "v1.0.20250505"
}
