{
	"Modality": "MR",
	"MagneticFieldStrength": 3,
	"ImagingFrequency": 123.229962,
	"Manufacturer": "Siemens",
	"ManufacturersModelName": "Prisma",
	"InstitutionName": "Herston Imaging Research Facility",
	"InstitutionalDepartmentName": "RBWH HIRF Imaging",
	"InstitutionAddress": "Herston Road 300,Brisbane,Queensland,AU,4006",
	"DeviceSerialNumber": "66023",
	"StationName": "AWP66023",
	"BodyPart": "BRAIN",
	"PatientPosition": "HFS",
	"ProcedureStepDescription": "MR Brain",
	"SoftwareVersions": "syngo MR E11",
	"MRAcquisitionType": "2D",
	"StudyDescription": "Brain Research_Current^FORM_TYPICALITY",
	"SeriesDescription": "gre_field_mapping",
	"ProtocolName": "gre_field_mapping",
	"ScanningSequence": "GR",
	"SequenceVariant": "SP",
	"ScanOptions": "PFP",
	"SequenceName": "*fm2d2r",
	"ImageType": ["ORIGINAL", "PRIMARY", "P", "ND", "PHASE"],
	"NonlinearGradientCorrection": false,
	"SeriesNumber": 14,
	"AcquisitionTime": "15:28:55.865000",
	"AcquisitionNumber": 1,
	"SliceThickness": 2.6,
	"SpacingBetweenSlices": 2.6,
	"SAR": 0.121997,
	"TablePosition": [
		0,
		0,
		-0	],
	"EchoNumber": 2,
	"EchoTime": 0.00738,
	"RepetitionTime": 0.52,
	"FlipAngle": 60,
	"EchoTime1": 0.00492,
	"EchoTime2": 0.00738,
	"PartialFourier": 0.875,
	"BaseResolution": 72,
	"ShimSetting": [
		2545,
		-11363,
		-11231,
		628,
		-150,
		-182,
		-11,
		72	],
	"TxRefAmp": 219.691,
	"PhaseResolution": 1,
	"ReceiveCoilName": "HeadNeck_64",
	"ReceiveCoilActiveElements": "HC1-7",
	"PulseSequenceDetails": "%SiemensSeq%\\gre_field_mapping",
	"CoilCombinationMethod": "Sum of Squares",
	"ConsistencyInfo": "N4_VE11E_LATEST_20181129",
	"MatrixCoilMode": "SENSE",
	"MultibandAccelerationFactor": 2,
	"PercentPhaseFOV": 100,
	"PercentSampling": 100,
	"PhaseEncodingSteps": 63,
	"AcquisitionMatrixPE": 72,
	"ReconMatrixPE": 72,
	"PixelBandwidth": 560,
	"DwellTime": 1.24e-05,
	"PhaseEncodingDirection": "i",
	"SliceTiming": [
		0.25,
		0,
		0.26562,
		0,
		0.28125,
		0.01562,
		0.28125,
		0.03125,
		0.29688,
		0.03125,
		0.3125,
		0.04688,
		0.3125,
		0.0625,
		0.32812,
		0.0625,
		0.34375,
		0.07812,
		0.34375,
		0.09375,
		0.35938,
		0.09375,
		0.375,
		0.10938,
		0.375,
		0.125,
		0.39062,
		0.125,
		0.40625,
		0.14062,
		0.40625,
		0.15625,
		0.42188,
		0.15625,
		0.4375,
		0.17188,
		0.4375,
		0.1875,
		0.45312,
		0.1875,
		0.46875,
		0.20312,
		0.46875,
		0.21875,
		0.48438,
		0.21875,
		0.5,
		0.23438,
		0.5,
		0.25	],
	"ImageOrientationPatientDICOM": [
		0.997344,
		0.0456167,
		-0.0567855,
		-0.0697411,
		0.82298,
		-0.563774	],
	"ImageOrientationText": "Tra>Cor(-34.5)>Sag(-1.2)",
	"InPlanePhaseEncodingDirectionDICOM": "ROW",
	"BidsGuess": ["fmap","_acq-fm2_phasediff"],
	"ConversionSoftware": "dcm2niix",
	"ConversionSoftwareVersion": "v1.0.20250505"
}
